PATH
  remote: .
  specs:
    karotz (0.4.1)
      crack (~> 0.3)
      httpi (~> 0.9)

GEM
  remote: http://rubygems.org/
  specs:
    addressable (2.2.7)
    coderay (1.0.5)
    crack (0.3.1)
    diff-lcs (1.1.3)
    ffi (1.0.11)
    guard (1.0.1)
      ffi (>= 0.5.0)
      thor (~> 0.14.6)
    guard-rspec (0.6.0)
      guard (>= 0.10.0)
    httpclient (2.2.4)
    httpi (0.9.6)
      rack
    method_source (0.7.1)
    pry (0.9.8.4)
      coderay (~> 1.0.5)
      method_source (~> 0.7.1)
      slop (>= 2.4.4, < 3)
    rack (1.4.1)
    rake (0.9.2.2)
    rspec (2.8.0)
      rspec-core (~> 2.8.0)
      rspec-expectations (~> 2.8.0)
      rspec-mocks (~> 2.8.0)
    rspec-core (2.8.0)
    rspec-expectations (2.8.0)
      diff-lcs (~> 1.1.2)
    rspec-mocks (2.8.0)
    slop (2.4.4)
    thor (0.14.6)
    vcr (1.11.3)
    webmock (1.8.2)
      addressable (>= 2.2.7)
      crack (>= 0.1.7)

PLATFORMS
  ruby

DEPENDENCIES
  guard-rspec
  httpclient (~> 2.2)
  karotz!
  pry
  rake
  rspec
  vcr (= 1.11.3)
  webmock
